PATH
  remote: .
  specs:
    apriori (0.2.3)
      newgem (>= 0.0.0)
      rake (>= 0.0.0)
      rubigen (>= 0.0.0)

GEM
  remote: http://rubygems.org/
  specs:
    RedCloth (4.2.9)
    activesupport (3.1.12)
      multi_json (~> 1.0)
    builder (3.2.0)
    cucumber (1.2.5)
      builder (>= 2.1.2)
      diff-lcs (>= 1.1.3)
      gherkin (~> 2.11.7)
      multi_json (~> 1.3)
    diff-lcs (1.2.3)
    gherkin (2.11.8)
      multi_json (~> 1.3)
    hoe (3.6.0)
      rake (>= 0.8, < 11.0)
    multi_json (1.7.2)
    newgem (1.5.2)
      RedCloth (>= 4.1.1)
      activesupport (>= 2.0.2)
      cucumber (>= 0.3.11)
      hoe (>= 2.3.1)
      hoe (>= 2.3.1)
      rubigen (>= 1.5.2)
      syntax (>= 1.0.0)
    rake (10.0.4)
    rubigen (1.5.8)
      activesupport (>= 2.3.5, < 3.2.0)
    syntax (1.0.0)

PLATFORMS
  ruby

DEPENDENCIES
  apriori!
  hoe (>= 2.3.3)
